GEM
  remote: https://rubygems.org/
  specs:
    rufo (0.18.0)

PLATFORMS
  arm64-darwin-22
  ruby

DEPENDENCIES
  rufo

RUBY VERSION
   ruby 3.2.1p31

BUNDLED WITH
   2.5.23
